GEM
  remote: http://rubygems.org/
  specs:
    actionmailer (2.3.18)
      actionpack (= 2.3.18)
    actionpack (2.3.18)
      activesupport (= 2.3.18)
      rack (~> 1.1.0)
    activerecord (2.3.18)
      activesupport (= 2.3.18)
    activeresource (2.3.18)
      activesupport (= 2.3.18)
    activesupport (2.3.18)
    authlogic (2.1.11)
      activerecord (~> 2.3.0)
      activesupport (~> 2.3.0)
    aws-s3 (0.6.3)
      builder
      mime-types
      xml-simple
    builder (3.2.2)
    calendar_date_select (1.16.4)
    desert (0.5.4)
    haml (3.1.8)
    hoptoad_notifier (2.4.11)
      activesupport
      builder
    hpricot (0.8.6)
    htmlentities (4.3.4)
    icalendar (1.2.4)
    mime-types (1.25.1)
    newrelic_rpm (3.15.0.314)
    pg (0.17.1)
    rack (1.1.6)
    rails (2.3.18)
      actionmailer (= 2.3.18)
      actionpack (= 2.3.18)
      activerecord (= 2.3.18)
      activeresource (= 2.3.18)
      activesupport (= 2.3.18)
      rake (>= 0.8.3)
    rake (0.8.7)
    rakismet (0.4.2)
    ri_cal (0.8.8)
    rmagick (2.12.2)
    searchlogic (2.5.19)
      activerecord (~> 2.3.12)
      activesupport (~> 2.3.12)
    sqlite3 (1.3.11)
    xml-simple (1.1.5)

PLATFORMS
  ruby

DEPENDENCIES
  authlogic (~> 2.1.6)
  aws-s3 (~> 0.6.2)
  calendar_date_select (~> 1.16.3)
  desert (= 0.5.4)
  haml (~> 3.1.3)
  hoptoad_notifier
  hpricot (~> 0.8.4)
  htmlentities (~> 4.3.0)
  icalendar (~> 1.2.2)
  mime-types (~> 1.21)
  newrelic_rpm
  pg (~> 0.17.0)
  rails (~> 2.3.17)
  rake (~> 0.8.7)
  rakismet (~> 0.4.2)
  ri_cal (~> 0.8.8)
  rmagick (~> 2.12.2)
  searchlogic (~> 2.5.8)
  sqlite3

BUNDLED WITH
   1.11.2

